GIT
  remote: https://github.com/armilam/google-assistant-ruby
  revision: 46592dfffb37aa072e3f0980c1775d1db79179e9
  branch: assistant-api-v2
  specs:
    google_assistant (2.0.0)

GEM
  remote: https://rubygems.org/
  specs:
    backports (3.11.0)
    json (2.1.0)
    multi_json (1.12.2)
    mustermann (1.0.1)
    rack (2.0.3)
    rack-protection (2.0.0)
      rack
    sinatra (2.0.0)
      mustermann (~> 1.0)
      rack (~> 2.0)
      rack-protection (= 2.0.0)
      tilt (~> 2.0)
    sinatra-contrib (2.0.0)
      backports (>= 2.0)
      multi_json
      mustermann (~> 1.0)
      rack-protection (= 2.0.0)
      sinatra (= 2.0.0)
      tilt (>= 1.3, < 3)
    tilt (2.0.8)

PLATFORMS
  ruby

DEPENDENCIES
  google_assistant!
  json
  sinatra
  sinatra-contrib

BUNDLED WITH
   1.15.3
