GIT
  remote: https://github.com/armilam/google-assistant-ruby
  revision: f615838ecb60fa6f9b44bcd39d13e69b955d37ec
  specs:
    google_assistant (1.0.0)

GEM
  remote: https://rubygems.org/
  specs:
    json (2.1.0)
    mustermann (1.0.1)
    rack (2.0.3)
    rack-protection (2.0.0)
      rack
    sinatra (2.0.0)
      mustermann (~> 1.0)
      rack (~> 2.0)
      rack-protection (= 2.0.0)
      tilt (~> 2.0)
    tilt (2.0.8)

PLATFORMS
  ruby

DEPENDENCIES
  google_assistant!
  json
  sinatra

BUNDLED WITH
   1.15.3
